GEM
  remote: https://rubygems.org/
  specs:
    cellar (0.0.8)
      json
      mustache
      pg
      rake
      sequel
      sinatra (~> 1.4.4)
    daemons (1.1.9)
    eventmachine (1.0.3)
    json (1.8.1)
    mustache (0.99.5)
    pg (0.17.1)
    rack (1.5.2)
    rack-protection (1.5.3)
      rack
    rake (10.3.2)
    sequel (4.11.0)
    sinatra (1.4.5)
      rack (~> 1.4)
      rack-protection (~> 1.4)
      tilt (~> 1.3, >= 1.3.4)
    thin (1.6.2)
      daemons (>= 1.0.9)
      eventmachine (>= 1.0.0)
      rack (>= 1.0.0)
    tilt (1.4.1)

PLATFORMS
  ruby

DEPENDENCIES
  cellar (~> 0.0.8)
  thin
